GEM
  remote: http://rubygems.org/
  specs:
    childprocess (0.5.9)
      ffi (~> 1.0, >= 1.0.11)
    data_magic (0.22)
      faker (>= 1.1.2)
      yml_reader (>= 0.6)
    faker (1.6.6)
      i18n (~> 0.5)
    ffi (1.9.14-x86-mingw32)
    i18n (0.7.0)
    multi_json (1.12.1)
    page-object (1.1.1)
      page_navigation (>= 0.9)
      selenium-webdriver (>= 2.44.0)
      watir-webdriver (>= 0.6.11)
    page_navigation (0.10)
      data_magic (>= 0.22)
    rake (12.0.0)
    require_all (1.3.3)
    rubyzip (1.2.0)
    selenium-webdriver (2.46.2)
      childprocess (~> 0.5)
      multi_json (~> 1.0)
      rubyzip (~> 1.0)
      websocket (~> 1.0)
    watir-webdriver (0.9.1)
      selenium-webdriver (>= 2.46.2)
    websocket (1.2.3)
    yml_reader (0.7)

PLATFORMS
  x86-mingw32

DEPENDENCIES
  page-object
  rake
  require_all
  watir-webdriver

BUNDLED WITH
   1.12.4
